PATH
  remote: .
  specs:
    arel-extensions (6.0.0.7)
      activerecord (>= 6.0.0)

GEM
  remote: https://rubygems.org/
  specs:
    activemodel (6.0.3.1)
      activesupport (= 6.0.3.1)
    activerecord (6.0.3.1)
      activemodel (= 6.0.3.1)
      activesupport (= 6.0.3.1)
    activesupport (6.0.3.1)
      concurrent-ruby (~> 1.0, >= 1.0.2)
      i18n (>= 0.7, < 2)
      minitest (~> 5.1)
      tzinfo (~> 1.1)
      zeitwerk (~> 2.2, >= 2.2.2)
    addressable (2.7.0)
      public_suffix (>= 2.0.2, < 5.0)
    ansi (1.5.0)
    builder (3.2.4)
    concurrent-ruby (1.1.6)
    cookie_store (0.1.4)
    crack (0.4.3)
      safe_yaml (~> 1.0.0)
    hashdiff (1.0.1)
    i18n (1.8.2)
      concurrent-ruby (~> 1.0)
    minitest (5.14.0)
    minitest-reporters (1.4.2)
      ansi
      builder
      minitest (>= 5.0)
      ruby-progressbar
    msgpack (1.3.3)
    pg (1.2.2)
    public_suffix (4.0.3)
    rake (13.0.1)
    rgeo (2.1.1)
    ruby-progressbar (1.10.1)
    safe_yaml (1.0.5)
    sunstone (6.0.0.8)
      activerecord (>= 6.0.0)
      arel-extensions (>= 6.0.0.5)
      cookie_store
      msgpack
    thread_safe (0.3.6)
    tzinfo (1.2.7)
      thread_safe (~> 0.1)
    webmock (3.8.3)
      addressable (>= 2.3.6)
      crack (>= 0.3.2)
      hashdiff (>= 0.4.0, < 2.0.0)
    zeitwerk (2.3.0)

PLATFORMS
  ruby

DEPENDENCIES
  arel-extensions!
  bundler
  minitest
  minitest-reporters
  pg
  rake
  rgeo
  sunstone
  webmock

BUNDLED WITH
   2.1.4
